GIT
  remote: https://github.com/Hobo/hobo_paperclip
  revision: abb4e77b849e78be9f1594b7304b71dc5a76157d
  branch: master
  specs:
    hobo_paperclip (0.0.4)
      hobo
      paperclip

GIT
  remote: https://github.com/Sage/sageone_api_signer
  revision: c42fa464c58629008e19201acbea4c78a31626e3
  branch: implement_v3_signing
  specs:
    sageone_api_signer (1.3.0)
      activesupport
      addressable
      rack

GIT
  remote: https://github.com/ericallam/font_assets
  revision: eeb6ef435ab064940fdf3cac6283c236c84259c4
  specs:
    font_assets (0.1.14)
      rack

GIT
  remote: https://github.com/gabriprat/hobo_omniauth
  revision: c6e44f521d40928d472d5534472244dc0d38e040
  specs:
    hobo_omniauth (0.0.1)
      hobo
      omniauth (~> 1.1)

GIT
  remote: https://github.com/gabriprat/morrisjs-rails
  revision: 7d335581fd20cf12504959b924e244c8709f9035
  specs:
    morrisjs-rails (0.5.1.2)
      railties (> 3.1, < 6)

GIT
  remote: https://github.com/informatom/hobo_bootstrap
  revision: 9a3564f8b16748dc7d6936f2179f188d7a47eb6a
  branch: bootstrap3
  specs:
    hobo_bootstrap (2.1.0)
      bootstrap-sass (~> 3.3.5.1)
      hobo_jquery (>= 2.0)
      hobo_will_paginate-bootstrap
      sass-rails (>= 5.0.3)
      sprockets-rails (>= 2.1.4)

GIT
  remote: https://github.com/informatom/hobo_bootstrap_ui
  revision: d562647bf5916b141690838055e3eb966e0e6459
  branch: bootstrap3
  specs:
    hobo_bootstrap_ui (2.1.1)
      bootstrap-datepicker-rails
      hobo_bootstrap (>= 2.0)

GIT
  remote: https://github.com/rykov/resque-delay
  revision: f255371a0ec73f7379f36f7b4bcaa217170f6070
  specs:
    resque-delay (0.6.0)
      resque (>= 1.25)
      resque-scheduler (>= 4.0.0)

GEM
  remote: https://rubygems.org/
  specs:
    RedCloth (4.3.2)
    actionmailer (4.2.11.3)
      actionpack (= 4.2.11.3)
      actionview (= 4.2.11.3)
      activejob (= 4.2.11.3)
      mail (~> 2.5, >= 2.5.4)
      rails-dom-testing (~> 1.0, >= 1.0.5)
    actionmailer_inline_css (1.6.0)
      actionmailer (>= 3.0.0)
      nokogiri (>= 1.7.0)
      premailer (>= 1.11.0)
    actionpack (4.2.11.3)
      actionview (= 4.2.11.3)
      activesupport (= 4.2.11.3)
      rack (~> 1.6)
      rack-test (~> 0.6.2)
      rails-dom-testing (~> 1.0, >= 1.0.5)
      rails-html-sanitizer (~> 1.0, >= 1.0.2)
    actionview (4.2.11.3)
      activesupport (= 4.2.11.3)
      builder (~> 3.1)
      erubis (~> 2.7.0)
      rails-dom-testing (~> 1.0, >= 1.0.5)
      rails-html-sanitizer (~> 1.0, >= 1.0.3)
    active_record_query_trace (1.5.4)
    activejob (4.2.11.3)
      activesupport (= 4.2.11.3)
      globalid (>= 0.3.0)
    activemodel (4.2.11.3)
      activesupport (= 4.2.11.3)
      builder (~> 3.1)
    activerecord (4.2.11.3)
      activemodel (= 4.2.11.3)
      activesupport (= 4.2.11.3)
      arel (~> 6.0)
    activesupport (4.2.11.3)
      i18n (~> 0.7)
      minitest (~> 5.1)
      thread_safe (~> 0.3, >= 0.3.4)
      tzinfo (~> 1.1)
    acts_as_list (0.9.12)
      activerecord (>= 3.0)
    addressable (2.8.0)
      public_suffix (>= 2.0.2, < 5.0)
    akami (1.3.1)
      gyoku (>= 0.4.0)
      nokogiri
    amoeba (3.1.0)
      activerecord (>= 3.2.6)
    ancestry (3.0.2)
      activerecord (>= 3.2.0)
    ansi (1.5.0)
    apipie-rails (0.5.19)
      rails (>= 4.1)
    arel (6.0.4)
    autoprefixer-rails (9.7.4)
      execjs
    aws-eventstream (1.0.0)
    aws-partitions (1.87.0)
    aws-sdk-core (3.21.1)
      aws-eventstream (~> 1.0)
      aws-partitions (~> 1.0)
      aws-sigv4 (~> 1.0)
      jmespath (~> 1.0)
    aws-sdk-kms (1.5.0)
      aws-sdk-core (~> 3)
      aws-sigv4 (~> 1.0)
    aws-sdk-s3 (1.12.0)
      aws-sdk-core (~> 3, >= 3.21.1)
      aws-sdk-kms (~> 1)
      aws-sigv4 (~> 1.0)
    aws-sigv4 (1.0.2)
    bigdecimal (1.4.4)
    bitmask_attributes (1.0.0)
      activerecord (>= 3.1)
    bootbox-rails (0.5.0)
    bootstrap-datepicker-rails (1.9.0.1)
      railties (>= 3.0)
    bootstrap-sass (3.3.5.1)
      autoprefixer-rails (>= 5.0.0.1)
      sass (>= 3.3.0)
    bootstrap_tokenfield_rails (0.12.1)
    bower-rails (0.11.0)
    builder (3.2.4)
    climate_control (0.2.0)
    clockwork (2.0.3)
      tzinfo
    coffee-rails (4.2.2)
      coffee-script (>= 2.2.0)
      railties (>= 4.0.0)
    coffee-script (2.4.1)
      coffee-script-source
      execjs
    coffee-script-source (1.12.2)
    concurrent-ruby (1.1.9)
    cookiejar (0.3.3)
    countries (2.1.4)
      i18n_data (~> 0.8.0)
      money (~> 6.9)
      sixarm_ruby_unaccent (~> 1.1)
      unicode_utils (~> 1.4)
    crass (1.0.6)
    css_parser (1.6.0)
      addressable
    debase (0.2.4.1)
      debase-ruby_core_source (>= 0.10.2)
    debase-ruby_core_source (0.10.9)
    delocalize (1.2.0)
      rails (>= 2)
    detect_timezone_rails (0.0.5)
      railties (>= 3.1)
    differ (0.1.2)
    domain_name (0.5.20180417)
      unf (>= 0.0.5, < 1.0.0)
    dotenv (2.7.5)
    dotenv-rails (2.7.5)
      dotenv (= 2.7.5)
      railties (>= 3.2, < 6.1)
    dryml (2.2.6)
      actionpack
      hobo_support (= 2.2.6)
    em-hiredis (0.3.1)
      eventmachine (~> 1.0)
      hiredis (~> 0.6.0)
    em-http-request (1.1.5)
      addressable (>= 2.3.4)
      cookiejar (!= 0.3.1)
      em-socksify (>= 0.3)
      eventmachine (>= 1.0.3)
      http_parser.rb (>= 0.6.0)
    em-socksify (0.3.2)
      eventmachine (>= 1.0.0.beta.4)
    erubis (2.7.0)
    et-orbi (1.1.1)
      tzinfo
    eventmachine (1.0.9.1)
    eventmachine (1.0.9.1-java)
    excon (0.72.0)
    execjs (2.7.0)
    faraday (0.12.2)
      multipart-post (>= 1.2, < 3)
    faye (1.1.2)
      cookiejar (>= 0.3.0)
      em-http-request (>= 0.3.0)
      eventmachine (>= 0.12.0)
      faye-websocket (>= 0.9.1)
      multi_json (>= 1.0.0)
      rack (>= 1.0.0)
      websocket-driver (>= 0.5.1)
    faye-authentication (1.8.2)
      faye (>= 1.0)
      jwt (>= 1.2)
    faye-rails (2.0.3)
      eventmachine (~> 1.0.0)
      faye (= 1.1.2)
    faye-redis (0.2.0)
      em-hiredis (>= 0.2.0)
      eventmachine (>= 0.12.0)
      multi_json (>= 1.0.0)
    faye-websocket (0.11.0)
      eventmachine (>= 0.12.0)
      websocket-driver (>= 0.5.1)
    ffi (1.12.2)
    ffi (1.12.2-java)
    flipper (0.15.0)
    flipper-redis (0.15.0)
      flipper (~> 0.15.0)
      redis (>= 2.2, < 4.1.0)
    flipper-ui (0.15.0)
      erubis (~> 2.7.0)
      flipper (~> 0.15.0)
      rack (>= 1.4, < 3)
      rack-protection (>= 1.5.3, < 2.1.0)
    fugit (1.1.1)
      et-orbi (~> 1.1, >= 1.1.1)
      raabro (~> 1.1)
    gemoji (3.0.0)
    gemoji-parser (1.3.1)
      gemoji (>= 2.1.0)
    globalid (0.4.2)
      activesupport (>= 4.2.0)
    gyoku (1.3.1)
      builder (>= 2.1.2)
    hashie (3.6.0)
    hiredis (0.6.1)
    hiredis (0.6.1-java)
    hobo (2.2.6)
      dryml (= 2.2.6)
      hobo_fields (= 2.2.6)
      hobo_support (= 2.2.6)
      hobo_will_paginate
    hobo_fields (2.2.6)
      hobo_support (= 2.2.6)
    hobo_jquery (2.2.6)
      hobo_rapid (= 2.2.6)
      jquery-rails (~> 2.0)
    hobo_jquery_ui (2.2.6)
      hobo (= 2.2.6)
      hobo_jquery (= 2.2.6)
      jquery-ui-themes (~> 0.0.4)
    hobo_rapid (2.2.6)
      hobo (= 2.2.6)
    hobo_support (2.2.6)
      rails (~> 4.2.6)
    hobo_will_paginate (2.1.1)
    hobo_will_paginate-bootstrap (1.0.0)
      hobo_will_paginate
    htmlcompressor (0.4.0)
    htmlentities (4.3.4)
    http-cookie (1.0.3)
      domain_name (~> 0.5)
    http_accept_language (2.1.1)
    http_parser.rb (0.6.0)
    http_parser.rb (0.6.0-java)
    httparty (0.16.2)
      multi_xml (>= 0.5.2)
    httpi (2.5.0)
      rack
      socksify
    i18n (0.9.5)
      concurrent-ruby (~> 1.0)
    i18n_data (0.8.0)
    immigrant (0.3.6)
      activerecord (>= 3.0)
    jmespath (1.4.0)
    jquery-cookie-rails (1.3.1.1)
      railties (>= 3.2.0, < 5.0)
    jquery-historyjs (0.3.0)
      railties (>= 3.0)
      thor (>= 0.14)
    jquery-rails (2.3.0)
      railties (>= 3.0, < 5.0)
      thor (>= 0.14, < 2.0)
    jquery-textcomplete-rails (0.1.5)
      coffee-rails (>= 3.2.0)
      railties (>= 3.2.0)
      sass-rails (>= 3.2.0)
    jquery-ui-themes (0.0.12)
      httparty
    json (2.3.1)
    json (2.3.1-java)
    jwt (1.5.6)
    loofah (2.12.0)
      crass (~> 1.0.2)
      nokogiri (>= 1.5.9)
    mail (2.7.1)
      mini_mime (>= 0.1.1)
    metaclass (0.0.4)
    mime-types (3.1)
      mime-types-data (~> 3.2015)
    mime-types-data (3.2016.0521)
    mimemagic (0.3.10)
      nokogiri (~> 1)
      rake
    mini_mime (1.1.1)
    mini_portile2 (2.6.1)
    minitest (5.14.4)
    mixpanel-ruby (2.2.0)
    mocha (1.5.0)
      metaclass (~> 0.0.1)
    momentjs-rails (2.20.1)
      railties (>= 3.1)
    money (6.11.3)
      i18n (>= 0.6.4, < 1.1)
    mono_logger (1.1.0)
    multi_json (1.13.1)
    multi_xml (0.6.0)
    multipart-post (2.1.1)
    murmurhash3 (0.1.6)
    murmurhash3 (0.1.6-java)
    mustache (1.0.5)
    nested_has_many_through (0.0.2)
      rails (>= 3.0.0)
    netrc (0.11.0)
    newrelic_rpm (5.1.0.344)
    nokogiri (1.12.5)
      mini_portile2 (~> 2.6.1)
      racc (~> 1.4)
    nokogiri (1.12.5-java)
      racc (~> 1.4)
    nori (2.6.0)
    oauth2 (1.4.0)
      faraday (>= 0.8, < 0.13)
      jwt (~> 1.0)
      multi_json (~> 1.3)
      multi_xml (~> 0.5)
      rack (>= 1.2, < 3)
    omniauth (1.9.0)
      hashie (>= 3.4.6, < 3.7.0)
      rack (>= 1.6.2, < 3)
    omniauth-google-oauth2 (0.5.3)
      jwt (>= 1.5)
      omniauth (>= 1.1.1)
      omniauth-oauth2 (>= 1.5)
    omniauth-multi-provider (0.2.1)
      omniauth
    omniauth-oauth2 (1.5.0)
      oauth2 (~> 1.1)
      omniauth (~> 1.2)
    omniauth-openid (1.0.1)
      omniauth (~> 1.0)
      rack-openid (~> 1.3.1)
    omniauth-saml (1.10.0)
      omniauth (~> 1.3, >= 1.3.2)
      ruby-saml (~> 1.7)
    paperclip (6.0.0)
      activemodel (>= 4.2.0)
      activesupport (>= 4.2.0)
      mime-types
      mimemagic (~> 0.3.0)
      terrapin (~> 0.6.0)
    papercrop (0.3.0)
      jquery-rails
      paperclip (>= 3.4)
      rails (>= 3.1)
    paranoia (2.4.1)
      activerecord (>= 4.0, < 5.3)
    passenger (6.0.0)
      rack
      rake (>= 0.8.1)
    paypal-sdk-rest (1.7.2)
      multi_json (~> 1.0)
      xml-simple
    pdf-core (0.7.0)
    pg (0.21.0)
    prawn (2.2.2)
      pdf-core (~> 0.7.0)
      ttfunk (~> 1.5)
    prawn-rails (1.0.1)
      prawn
      prawn-table
      rails (>= 3.1.0)
    prawn-table (0.2.2)
      prawn (>= 1.3.0, < 3.0.0)
    premailer (1.11.1)
      addressable
      css_parser (>= 1.6.0)
      htmlentities (>= 4.0.0)
    protected_attributes (1.1.4)
      activemodel (>= 4.0.1, < 5.0)
    public_suffix (4.0.7)
    quiet_assets (1.1.0)
      railties (>= 3.1, < 5.0)
    raabro (1.1.5)
    racc (1.6.0)
    racc (1.6.0-java)
    rack (1.6.13)
    rack-openid (1.3.1)
      rack (>= 1.1.0)
      ruby-openid (>= 2.1.8)
    rack-protection (1.5.5)
      rack
    rack-test (0.6.3)
      rack (>= 1.0)
    rails (4.2.11.3)
      actionmailer (= 4.2.11.3)
      actionpack (= 4.2.11.3)
      actionview (= 4.2.11.3)
      activejob (= 4.2.11.3)
      activemodel (= 4.2.11.3)
      activerecord (= 4.2.11.3)
      activesupport (= 4.2.11.3)
      bundler (>= 1.3.0, < 2.0)
      railties (= 4.2.11.3)
      sprockets-rails
    rails-deprecated_sanitizer (1.0.4)
      activesupport (>= 4.2.0.alpha)
    rails-dom-testing (1.0.9)
      activesupport (>= 4.2.0, < 5.0)
      nokogiri (~> 1.6)
      rails-deprecated_sanitizer (>= 1.0.1)
    rails-html-sanitizer (1.4.2)
      loofah (~> 2.3)
    rails-observers (0.1.5)
      activemodel (>= 4.0)
    rails_12factor (0.0.3)
      rails_serve_static_assets
      rails_stdout_logging
    rails_handsontable (0.23.0)
      railties (> 3.1)
    rails_serve_static_assets (0.0.5)
    rails_stdout_logging (0.0.5)
    railties (4.2.11.3)
      actionpack (= 4.2.11.3)
      activesupport (= 4.2.11.3)
      rake (>= 0.8.7)
      thor (>= 0.18.1, < 2.0)
    rake (13.0.6)
    raphaeljs-rails (2.1.2)
      railties
    rb-fsevent (0.10.3)
    rb-inotify (0.10.1)
      ffi (~> 1.0)
    redcloth-rails (0.2.0)
      RedCloth (>= 4.2.0)
      rails (>= 3.1.0)
    redis (4.0.1)
    redis-actionpack (5.0.2)
      actionpack (>= 4.0, < 6)
      redis-rack (>= 1, < 3)
      redis-store (>= 1.1.0, < 2)
    redis-activesupport (5.0.4)
      activesupport (>= 3, < 6)
      redis-store (>= 1.3, < 2)
    redis-namespace (1.6.0)
      redis (>= 3.0.4)
    redis-rack (2.0.4)
      rack (>= 1.5, < 3)
      redis-store (>= 1.2, < 2)
    redis-rails (5.0.2)
      redis-actionpack (>= 5.0, < 6)
      redis-activesupport (>= 5.0, < 6)
      redis-store (>= 1.2, < 2)
    redis-store (1.5.0)
      redis (>= 2.2, < 5)
    request_store (1.4.1)
      rack (>= 1.4)
    responders (2.1.0)
      railties (>= 4.2.0, < 5)
    resque (1.27.4)
      mono_logger (~> 1.0)
      multi_json (~> 1.0)
      redis-namespace (~> 1.3)
      sinatra (>= 0.9.2)
      vegas (~> 0.1.2)
    resque-retry (1.5.0)
      resque (~> 1.25)
      resque-scheduler (~> 4.0)
    resque-scheduler (4.3.1)
      mono_logger (~> 1.0)
      redis (>= 3.3, < 5)
      resque (~> 1.26)
      rufus-scheduler (~> 3.2)
    resque-timeout (1.0.0)
      resque (~> 1.0)
    rest-client (2.0.2)
      http-cookie (>= 1.0.2, < 2.0)
      mime-types (>= 1.16, < 4.0)
      netrc (~> 0.8)
    rinku (2.0.4)
    role_model (0.8.2)
    ruby-hmac (0.4.0)
    ruby-openid (2.9.2)
    ruby-saml (1.8.0)
      nokogiri (>= 1.5.10)
    rufus-scheduler (3.5.0)
      fugit (~> 1.1, >= 1.1.1)
    sass (3.7.4)
      sass-listen (~> 4.0.0)
    sass-listen (4.0.0)
      rb-fsevent (~> 0.9, >= 0.9.4)
      rb-inotify (~> 0.9, >= 0.9.7)
    sass-rails (5.0.7)
      railties (>= 4.0.0, < 6)
      sass (~> 3.1)
      sprockets (>= 2.8, < 4.0)
      sprockets-rails (>= 2.0, < 4.0)
      tilt (>= 1.1, < 3)
    savon (2.12.1)
      akami (~> 1.2)
      builder (>= 2.1.2)
      gyoku (~> 1.2)
      httpi (~> 2.3)
      nokogiri (>= 1.8.1)
      nori (~> 2.4)
      wasabi (~> 3.4)
    secure_headers (6.3.0)
    sendgrid4r (1.15.0)
      rest-client (>= 1.8.0, < 3.0)
    sinatra (1.4.8)
      rack (~> 1.5)
      rack-protection (~> 1.4)
      tilt (>= 1.3, < 3)
    sixarm_ruby_unaccent (1.2.0)
    socksify (1.7.1)
    sprockets (3.7.2)
      concurrent-ruby (~> 1.0)
      rack (> 1, < 3)
    sprockets-rails (3.2.2)
      actionpack (>= 4.0)
      activesupport (>= 4.0)
      sprockets (>= 3.0.0)
    stripe (5.42.0)
    terrapin (0.6.0)
      climate_control (>= 0.0.3, < 1.0)
    thor (1.1.0)
    thread_safe (0.3.6)
    thread_safe (0.3.6-java)
    tilt (2.0.8)
    ttfunk (1.5.1)
    turn (0.9.6)
      ansi
    tzinfo (1.2.9)
      thread_safe (~> 0.1)
    uglifier (4.1.10)
      execjs (>= 0.3.0, < 3)
    unf (0.1.4)
      unf_ext
    unf (0.1.4-java)
    unf_ext (0.0.7.5)
    unicode_utils (1.4.0)
    unscoped_associations (0.7.1)
      activerecord (>= 3.2.0, < 5.1.0)
    valvat (1.1.3)
      savon (>= 2.3.0)
    vegas (0.1.11)
      rack (>= 1.0.0)
    wasabi (3.7.0)
      addressable
      httpi (~> 2.0)
      nokogiri (>= 1.4.2)
    websocket-driver (0.7.3)
      websocket-extensions (>= 0.1.0)
    websocket-driver (0.7.3-java)
      websocket-extensions (>= 0.1.0)
    websocket-extensions (0.1.5)
    wicked_pdf (1.1.0)
    wkhtmltopdf-binary (0.12.3.1)
    xml-simple (1.1.5)
    yui-compressor (0.12.0)

PLATFORMS
  java
  ruby

DEPENDENCIES
  actionmailer_inline_css
  actionpack
  active_record_query_trace
  acts_as_list
  amoeba
  ancestry
  apipie-rails
  aws-sdk-s3
  bigdecimal (~> 1.4)
  bitmask_attributes
  bootbox-rails
  bootstrap-sass
  bootstrap_tokenfield_rails
  bower-rails (~> 0.11.0)
  clockwork
  coffee-rails
  countries
  debase
  delocalize
  detect_timezone_rails
  differ
  dotenv-rails
  excon
  faraday
  faye-authentication
  faye-rails
  faye-redis
  flipper
  flipper-redis
  flipper-ui
  font_assets!
  gemoji-parser
  hobo (>= 2.2.6)
  hobo_bootstrap!
  hobo_bootstrap_ui!
  hobo_fields
  hobo_jquery
  hobo_jquery_ui (>= 2.2.6)
  hobo_omniauth!
  hobo_paperclip!
  hobo_will_paginate
  htmlcompressor
  http_accept_language
  immigrant
  jquery-cookie-rails
  jquery-historyjs
  jquery-rails
  jquery-textcomplete-rails
  jquery-ui-themes
  json
  minitest
  mixpanel-ruby
  mocha
  momentjs-rails
  morrisjs-rails!
  murmurhash3
  mustache
  nested_has_many_through
  newrelic_rpm
  omniauth-google-oauth2
  omniauth-multi-provider
  omniauth-openid
  omniauth-saml
  paperclip
  papercrop
  paranoia
  passenger
  paypal-sdk-rest
  pg (~> 0)
  prawn-rails
  protected_attributes
  quiet_assets
  rails (~> 4.2.0)
  rails-observers
  rails_12factor
  rails_handsontable
  rake
  raphaeljs-rails
  redcloth-rails
  redis
  redis-rails
  redis-store
  request_store
  responders (= 2.1.0)
  resque
  resque-delay!
  resque-retry
  resque-timeout
  rest-client
  rinku
  role_model
  ruby-hmac
  ruby-openid
  sageone_api_signer!
  sass-rails
  secure_headers
  sendgrid4r
  sprockets-rails
  stripe
  turn
  uglifier
  unscoped_associations
  valvat
  wicked_pdf
  wkhtmltopdf-binary
  yui-compressor

RUBY VERSION
   ruby 2.5.7p206

BUNDLED WITH
   1.17.3
